GEM
  remote: https://rubygems.org/
  specs:
    github-markup (0.7.5)
    squee-book (0.0.1)
    tilt (1.4.1)

PLATFORMS
  ruby

DEPENDENCIES
  github-markup
  squee-book
  tilt
